GEM
  remote: https://rubygems.org/
  specs:
    httparty (0.14.0)
      multi_xml (>= 0.5.2)
    multi_xml (0.5.5)
    vine (0.2)

PLATFORMS
  ruby

DEPENDENCIES
  httparty
  vine

BUNDLED WITH
   1.13.6
